GEM
  remote: http://rubygems.org/
  specs:
    hashie (2.0.5)
    httparty (0.11.0)
      multi_json (~> 1.0)
      multi_xml (>= 0.5.2)
    multi_json (1.7.6)
    multi_xml (0.5.4)
    soda-ruby (0.2.2)
      hashie
    thor (0.18.1)

PLATFORMS
  ruby

DEPENDENCIES
  httparty
  soda-ruby
  thor
